GEM
  remote: https://rubygems.org/
  specs:
    ast (2.3.0)
    json (1.8.3)
    parser (2.3.1.2)
      ast (~> 2.2)
    powerpack (0.1.1)
    rainbow (2.1.0)
    rubocop (0.41.2)
      parser (>= 2.3.1.1, < 3.0)
      powerpack (~> 0.1)
      rainbow (>= 1.99.1, < 3.0)
      ruby-progressbar (~> 1.7)
      unicode-display_width (~> 1.0, >= 1.0.1)
    ruby-progressbar (1.8.1)
    unicode-display_width (1.1.0)

PLATFORMS
  ruby

DEPENDENCIES
  json (~> 1.8.3)
  rubocop (~> 0.41.2)
